GEM
  remote: https://rubygems.org/
  specs:
    clipboard (2.0.0)
    concurrent-ruby (1.3.4)
    json (2.7.2)
    logger (1.6.1)
    optparse (0.5.0)
    ruby-progressbar (1.13.0)

PLATFORMS
  x64-mingw-ucrt

DEPENDENCIES
  clipboard
  concurrent-ruby
  json
  logger
  optparse
  ruby-progressbar

BUNDLED WITH
   2.5.18
